GEM
  remote: https://rubygems.org/
  specs:
    addressable (2.5.2)
      public_suffix (>= 2.0.2, < 4.0)
    ast (2.4.0)
    aws-sdk (2.11.56)
      aws-sdk-resources (= 2.11.56)
    aws-sdk-core (2.11.56)
      aws-sigv4 (~> 1.0)
      jmespath (~> 1.0)
    aws-sdk-resources (2.11.56)
      aws-sdk-core (= 2.11.56)
    aws-sigv4 (1.0.2)
    azure_mgmt_resources (0.16.0)
      ms_rest_azure (~> 0.10.0)
    backports (3.11.3)
    berkshelf (6.3.2)
      buff-config (~> 2.0)
      buff-extensions (~> 2.0)
      chef (>= 12.7.2, < 14.0)
      cleanroom (~> 1.0)
      concurrent-ruby (~> 1.0)
      faraday (~> 0.9)
      httpclient (~> 2.7)
      minitar (~> 0.5, >= 0.5.4)
      mixlib-archive (~> 0.4)
      mixlib-shellout (~> 2.0)
      octokit (~> 4.0)
      retryable (~> 2.0)
      ridley (~> 5.0)
      solve (~> 4.0)
      thor (~> 0.19, < 0.19.2)
    buff-config (2.0.0)
      buff-extensions (~> 2.0)
      varia_model (~> 0.6)
    buff-extensions (2.0.0)
    buff-ignore (1.2.0)
    buff-ruby_engine (1.0.0)
    buff-shell_out (1.1.0)
      buff-ruby_engine (~> 1.0)
    builder (3.2.3)
    celluloid (0.16.0)
      timers (~> 4.0.0)
    celluloid-io (0.16.2)
      celluloid (>= 0.16.0)
      nio4r (>= 1.1.0)
    chef (13.9.1)
      addressable
      bundler (>= 1.10)
      chef-config (= 13.9.1)
      chef-zero (~> 13.0)
      diff-lcs (~> 1.2, >= 1.2.4)
      erubis (~> 2.7)
      ffi-yajl (~> 2.2)
      highline (~> 1.6, >= 1.6.9)
      iniparse (~> 1.4)
      iso8601 (~> 0.9.1)
      mixlib-archive (~> 0.4)
      mixlib-authentication (~> 1.4)
      mixlib-cli (~> 1.7)
      mixlib-log (~> 1.3)
      mixlib-shellout (~> 2.0)
      net-sftp (~> 2.1, >= 2.1.2)
      net-ssh (>= 2.9, < 5.0)
      net-ssh-multi (~> 1.2, >= 1.2.1)
      ohai (~> 13.0)
      plist (~> 3.2)
      proxifier (~> 1.0)
      rspec-core (~> 3.5)
      rspec-expectations (~> 3.5)
      rspec-mocks (~> 3.5)
      rspec_junit_formatter (~> 0.2.0)
      serverspec (~> 2.7)
      specinfra (~> 2.10)
      syslog-logger (~> 1.6)
      uuidtools (~> 2.1.5)
    chef-api (0.8.0)
      logify (~> 0.1)
      mime-types
    chef-config (13.9.1)
      addressable
      fuzzyurl
      mixlib-config (~> 2.0)
      mixlib-shellout (~> 2.0)
      tomlrb (~> 1.2)
    chef-dk (2.5.3)
      addressable (>= 2.3.5, < 2.6)
      chef (~> 13.0)
      chef-provisioning (~> 2.0)
      cookbook-omnifetch (~> 0.5)
      diff-lcs (~> 1.0)
      ffi-yajl (>= 1.0, < 3.0)
      minitar (~> 0.6)
      mixlib-cli (~> 1.7)
      mixlib-shellout (~> 2.0)
      paint (~> 1.0)
      solve (> 2.0, < 5.0)
    chef-provisioning (2.7.1)
      cheffish (>= 4.0, < 15.0)
      inifile (>= 2.0.2)
      mixlib-install (>= 1.0)
      net-scp (~> 1.0)
      net-ssh (>= 2.9, < 5.0)
      net-ssh-gateway (> 1.2, < 3.0)
      winrm (~> 2.0)
      winrm-elevated (~> 1.0)
      winrm-fs (~> 1.0)
    chef-zero (13.1.0)
      ffi-yajl (~> 2.2)
      hashie (>= 2.0, < 4.0)
      mixlib-log (~> 1.3)
      rack (~> 2.0)
      uuidtools (~> 2.1)
    cheffish (13.1.0)
      chef-zero (~> 13.0)
      net-ssh
    chefspec (7.1.2)
      chef (>= 12.14.89)
      fauxhai (>= 4, < 6)
      rspec (~> 3.0)
    cleanroom (1.0.0)
    coderay (1.1.2)
    concurrent-ruby (1.0.5)
    cookbook-omnifetch (0.8.0)
      mixlib-archive (~> 0.4)
    cucumber-core (3.1.0)
      backports (>= 3.8.0)
      cucumber-tag_expressions (~> 1.1.0)
      gherkin (>= 5.0.0)
    cucumber-tag_expressions (1.1.1)
    declarative (0.0.10)
    declarative-option (0.1.0)
    diff-lcs (1.3)
    digest-crc (0.4.1)
    docker-api (1.34.2)
      excon (>= 0.47.0)
      multi_json
    domain_name (0.5.20180417)
      unf (>= 0.0.5, < 1.0.0)
    erubis (2.7.0)
    excon (0.62.0)
    faraday (0.15.2)
      multipart-post (>= 1.2, < 3)
    faraday-cookie_jar (0.0.6)
      faraday (>= 0.7.4)
      http-cookie (~> 1.0.0)
    fauxhai (5.6.0)
      net-ssh
    ffi (1.9.23)
    ffi-yajl (2.3.1)
      libyajl2 (~> 1.2)
    foodcritic (12.2.2)
      cucumber-core (>= 1.3)
      erubis
      ffi-yajl (~> 2.0)
      nokogiri (>= 1.5, < 2.0)
      rake
      rufus-lru (~> 1.0)
      treetop (~> 1.4)
    fuzzyurl (0.9.0)
    gherkin (5.0.0)
    google-api-client (0.19.8)
      addressable (~> 2.5, >= 2.5.1)
      googleauth (>= 0.5, < 0.7.0)
      httpclient (>= 2.8.1, < 3.0)
      mime-types (~> 3.0)
      representable (~> 3.0)
      retriable (>= 2.0, < 4.0)
    google-cloud (0.51.1)
      google-cloud-bigquery (~> 1.1)
      google-cloud-bigquery-data_transfer (~> 0.1)
      google-cloud-container (~> 0.1)
      google-cloud-dataproc (~> 0.1)
      google-cloud-datastore (~> 1.4)
      google-cloud-dlp (~> 0.1)
      google-cloud-dns (~> 0.28)
      google-cloud-error_reporting (~> 0.30)
      google-cloud-firestore (~> 0.21)
      google-cloud-language (~> 0.30)
      google-cloud-logging (~> 1.5)
      google-cloud-monitoring (~> 0.27)
      google-cloud-os_login (~> 0.1)
      google-cloud-pubsub (~> 0.30)
      google-cloud-resource_manager (~> 0.29)
      google-cloud-spanner (~> 1.3)
      google-cloud-speech (~> 0.29)
      google-cloud-storage (~> 1.10)
      google-cloud-trace (~> 0.31)
      google-cloud-translate (~> 1.2)
      google-cloud-video_intelligence (~> 1.0)
      google-cloud-vision (~> 0.28)
    google-cloud-bigquery (1.5.0)
      concurrent-ruby (~> 1.0)
      google-api-client (~> 0.19.8)
      google-cloud-core (~> 1.2)
      googleauth (~> 0.6.2)
    google-cloud-bigquery-data_transfer (0.1.0)
      google-gax (~> 1.0)
    google-cloud-container (0.1.0)
      google-gax (~> 1.0.1)
    google-cloud-core (1.2.0)
      google-cloud-env (~> 1.0)
    google-cloud-dataproc (0.1.0)
      google-gax (~> 1.0.0)
    google-cloud-datastore (1.4.0)
      google-cloud-core (~> 1.2)
      google-gax (~> 1.0)
      google-protobuf (~> 3.3)
    google-cloud-dlp (0.4.0)
      google-gax (~> 1.0)
    google-cloud-dns (0.28.0)
      google-api-client (~> 0.19.0)
      google-cloud-core (~> 1.2)
      googleauth (~> 0.6.2)
      zonefile (~> 1.04)
    google-cloud-env (1.0.1)
      faraday (~> 0.11)
    google-cloud-error_reporting (0.30.0)
      google-cloud-core (~> 1.2)
      google-gax (~> 1.0)
      stackdriver-core (~> 1.3)
    google-cloud-firestore (0.21.1)
      concurrent-ruby (~> 1.0)
      google-cloud-core (~> 1.2)
      google-gax (~> 1.0)
    google-cloud-language (0.30.0)
      google-gax (~> 1.0)
    google-cloud-logging (1.5.0)
      google-cloud-core (~> 1.2)
      google-gax (~> 1.0)
      stackdriver-core (~> 1.3)
    google-cloud-monitoring (0.28.0)
      google-gax (~> 1.0)
    google-cloud-os_login (0.1.0)
      google-gax (~> 1.0.0)
    google-cloud-pubsub (0.30.2)
      concurrent-ruby (~> 1.0)
      google-cloud-core (~> 1.2)
      google-gax (~> 1.0)
      grpc-google-iam-v1 (~> 0.6.9)
    google-cloud-resource_manager (0.29.0)
      google-api-client (~> 0.19.8)
      google-cloud-core (~> 1.2)
      googleauth (~> 0.6.2)
    google-cloud-spanner (1.4.0)
      concurrent-ruby (~> 1.0)
      google-cloud-core (~> 1.2)
      google-gax (~> 1.0)
      grpc-google-iam-v1 (~> 0.6.9)
    google-cloud-speech (0.29.0)
      google-cloud-core (~> 1.2)
      google-gax (~> 1.0)
    google-cloud-storage (1.12.0)
      digest-crc (~> 0.4)
      google-api-client (~> 0.19.0)
      google-cloud-core (~> 1.2)
      googleauth (~> 0.6.2)
    google-cloud-trace (0.33.0)
      google-cloud-core (~> 1.2)
      google-gax (~> 1.0)
      stackdriver-core (~> 1.3)
    google-cloud-translate (1.2.0)
      faraday (~> 0.13)
      google-cloud-core (~> 1.2)
      googleauth (~> 0.6.2)
    google-cloud-video_intelligence (1.0.0)
      google-gax (~> 1.0)
    google-cloud-vision (0.28.0)
      google-cloud-core (~> 1.2)
      google-gax (~> 1.0)
    google-gax (1.0.1)
      google-protobuf (~> 3.2)
      googleapis-common-protos (>= 1.3.5, < 2.0)
      googleauth (~> 0.6.2)
      grpc (>= 1.7.2, < 2.0)
      rly (~> 0.2.3)
    google-protobuf (3.5.1.2)
    googleapis-common-protos (1.3.7)
      google-protobuf (~> 3.0)
      googleapis-common-protos-types (~> 1.0)
      grpc (~> 1.0)
    googleapis-common-protos-types (1.0.1)
      google-protobuf (~> 3.0)
    googleauth (0.6.2)
      faraday (~> 0.12)
      jwt (>= 1.4, < 3.0)
      logging (~> 2.0)
      memoist (~> 0.12)
      multi_json (~> 1.11)
      os (~> 0.9)
      signet (~> 0.7)
    grpc (1.12.0)
      google-protobuf (~> 3.1)
      googleapis-common-protos-types (~> 1.0.0)
      googleauth (>= 0.5.1, < 0.7)
    grpc-google-iam-v1 (0.6.9)
      googleapis-common-protos (>= 1.3.1, < 2.0)
      grpc (~> 1.0)
    gssapi (1.2.0)
      ffi (>= 1.0.1)
    gyoku (1.3.1)
      builder (>= 2.1.2)
    hashie (3.5.7)
    highline (1.7.10)
    hitimes (1.2.6)
    htmlentities (4.3.4)
    http-cookie (1.0.3)
      domain_name (~> 0.5)
    httpclient (2.8.3)
    inifile (3.0.0)
    iniparse (1.4.4)
    inspec (2.1.0)
      addressable (~> 2.4)
      faraday (>= 0.9.0)
      hashie (~> 3.4)
      htmlentities
      json (>= 1.8, < 3.0)
      method_source (~> 0.8)
      mixlib-log
      parallel (~> 1.9)
      parslet (~> 1.5)
      pry (~> 0)
      rspec (~> 3)
      rspec-its (~> 1.2)
      rubyzip (~> 1.1)
      semverse
      sslshake (~> 1.2)
      thor (~> 0.19)
      tomlrb (~> 1.2)
      train (~> 1.2)
    ipaddress (0.8.3)
    iso8601 (0.9.1)
    jmespath (1.4.0)
    json (2.1.0)
    jwt (2.1.0)
    kitchen-inspec (0.23.1)
      hashie (~> 3.4)
      inspec (>= 0.34.0, < 3.0.0)
      test-kitchen (~> 1.6)
    kitchen-vagrant (1.3.2)
      test-kitchen (~> 1.4)
    libyajl2 (1.2.0)
    little-plugger (1.1.4)
    logging (2.2.2)
      little-plugger (~> 1.1)
      multi_json (~> 1.10)
    logify (0.2.0)
    memoist (0.16.0)
    method_source (0.9.0)
    mime-types (3.1)
      mime-types-data (~> 3.2015)
    mime-types-data (3.2016.0521)
    mini_portile2 (2.3.0)
    minitar (0.6.1)
    mixlib-archive (0.4.6)
      mixlib-log
    mixlib-authentication (1.4.2)
    mixlib-cli (1.7.0)
    mixlib-config (2.2.6)
      tomlrb
    mixlib-install (3.10.0)
      mixlib-shellout
      mixlib-versioning
      thor
    mixlib-log (1.7.1)
    mixlib-shellout (2.3.2)
    mixlib-versioning (1.2.2)
    molinillo (0.6.5)
    ms_rest (0.7.2)
      concurrent-ruby (~> 1.0)
      faraday (~> 0.9)
      timeliness (~> 0.3)
    ms_rest_azure (0.10.7)
      concurrent-ruby (~> 1.0)
      faraday (~> 0.9)
      faraday-cookie_jar (~> 0.0.6)
      ms_rest (~> 0.7.2)
    multi_json (1.13.1)
    multipart-post (2.0.0)
    net-scp (1.2.1)
      net-ssh (>= 2.6.5)
    net-sftp (2.1.2)
      net-ssh (>= 2.6.5)
    net-ssh (4.2.0)
    net-ssh-gateway (1.3.0)
      net-ssh (>= 2.6.5)
    net-ssh-multi (1.2.1)
      net-ssh (>= 2.6.5)
      net-ssh-gateway (>= 1.2.0)
    net-telnet (0.1.1)
    nio4r (2.3.1)
    nokogiri (1.8.2)
      mini_portile2 (~> 2.3.0)
    nori (2.6.0)
    octokit (4.9.0)
      sawyer (~> 0.8.0, >= 0.5.3)
    ohai (13.9.0)
      chef-config (>= 12.5.0.alpha.1, < 14)
      ffi (~> 1.9)
      ffi-yajl (~> 2.2)
      ipaddress
      mixlib-cli
      mixlib-config (~> 2.0)
      mixlib-log (>= 1.7.1, < 2.0)
      mixlib-shellout (~> 2.0)
      plist (~> 3.1)
      systemu (~> 2.6.4)
      wmi-lite (~> 1.0)
    os (0.9.6)
    paint (1.0.1)
    parallel (1.12.1)
    parser (2.5.1.0)
      ast (~> 2.4.0)
    parslet (1.8.2)
    plist (3.4.0)
    polyglot (0.3.5)
    powerpack (0.1.1)
    proxifier (1.0.3)
    pry (0.11.3)
      coderay (~> 1.1.0)
      method_source (~> 0.9.0)
    public_suffix (3.0.2)
    rack (2.0.5)
    rainbow (3.0.0)
    rake (12.3.1)
    representable (3.0.4)
      declarative (< 0.1.0)
      declarative-option (< 0.2.0)
      uber (< 0.2.0)
    retriable (3.1.1)
    retryable (2.0.4)
    ridley (5.1.1)
      addressable
      buff-config (~> 2.0)
      buff-extensions (~> 2.0)
      buff-ignore (~> 1.2)
      buff-shell_out (~> 1.0)
      celluloid (~> 0.16.0)
      celluloid-io (~> 0.16.1)
      chef-config (>= 12.5.0)
      erubis
      faraday (~> 0.9)
      hashie (>= 2.0.2, < 4.0.0)
      httpclient (~> 2.7)
      json (>= 1.7.7)
      mixlib-authentication (>= 1.3.0)
      retryable (~> 2.0)
      semverse (~> 2.0)
      varia_model (~> 0.6)
    rly (0.2.3)
    rspec (3.7.0)
      rspec-core (~> 3.7.0)
      rspec-expectations (~> 3.7.0)
      rspec-mocks (~> 3.7.0)
    rspec-core (3.7.1)
      rspec-support (~> 3.7.0)
    rspec-expectations (3.7.0)
      diff-lcs (>= 1.2.0, < 2.0)
      rspec-support (~> 3.7.0)
    rspec-its (1.2.0)
      rspec-core (>= 3.0.0)
      rspec-expectations (>= 3.0.0)
    rspec-mocks (3.7.0)
      diff-lcs (>= 1.2.0, < 2.0)
      rspec-support (~> 3.7.0)
    rspec-support (3.7.1)
    rspec_junit_formatter (0.2.3)
      builder (< 4)
      rspec-core (>= 2, < 4, != 2.12.0)
    rubocop (0.54.0)
      parallel (~> 1.10)
      parser (>= 2.5)
      powerpack (~> 0.1)
      rainbow (>= 2.2.2, < 4.0)
      ruby-progressbar (~> 1.7)
      unicode-display_width (~> 1.0, >= 1.0.1)
    ruby-progressbar (1.9.0)
    rubyntlm (0.6.2)
    rubyzip (1.2.1)
    rufus-lru (1.1.0)
    sawyer (0.8.1)
      addressable (>= 2.3.5, < 2.6)
      faraday (~> 0.8, < 1.0)
    semverse (2.0.0)
    serverspec (2.41.3)
      multi_json
      rspec (~> 3.0)
      rspec-its
      specinfra (~> 2.72)
    sfl (2.3)
    signet (0.8.1)
      addressable (~> 2.3)
      faraday (~> 0.9)
      jwt (>= 1.5, < 3.0)
      multi_json (~> 1.10)
    solve (4.0.0)
      molinillo (~> 0.6)
      semverse (>= 1.1, < 3.0)
    specinfra (2.73.3)
      net-scp
      net-ssh (>= 2.7, < 5.0)
      net-telnet
      sfl
    sslshake (1.2.0)
    stackdriver-core (1.3.0)
      google-cloud-core (~> 1.2)
    stove (6.0.0)
      chef-api (~> 0.5)
      logify (~> 0.2)
    syslog-logger (1.6.8)
    systemu (2.6.5)
    test-kitchen (1.21.2)
      mixlib-install (~> 3.6)
      mixlib-shellout (>= 1.2, < 3.0)
      net-scp (~> 1.1)
      net-ssh (>= 2.9, < 5.0)
      net-ssh-gateway (~> 1.2)
      thor (~> 0.19)
      winrm (~> 2.0)
      winrm-elevated (~> 1.0)
      winrm-fs (~> 1.1)
    thor (0.19.1)
    timeliness (0.3.8)
    timers (4.0.4)
      hitimes
    tomlrb (1.2.6)
    train (1.4.11)
      aws-sdk (~> 2)
      azure_mgmt_resources (~> 0.15)
      docker-api (~> 1.26)
      google-api-client (~> 0.19.8)
      google-cloud (~> 0.51.1)
      googleauth (~> 0.6.2)
      inifile
      json (>= 1.8, < 3.0)
      mixlib-shellout (~> 2.0)
      net-scp (~> 1.2)
      net-ssh (>= 2.9, < 5.0)
      winrm (~> 2.0)
      winrm-fs (~> 1.0)
    treetop (1.6.10)
      polyglot (~> 0.3)
    uber (0.1.0)
    unf (0.1.4)
      unf_ext
    unf_ext (0.0.7.5)
    unicode-display_width (1.3.2)
    uuidtools (2.1.5)
    varia_model (0.6.0)
      buff-extensions (~> 2.0)
      hashie (>= 2.0.2, < 4.0.0)
    winrm (2.2.3)
      builder (>= 2.1.2)
      erubis (~> 2.7)
      gssapi (~> 1.2)
      gyoku (~> 1.0)
      httpclient (~> 2.2, >= 2.2.0.2)
      logging (>= 1.6.1, < 3.0)
      nori (~> 2.0)
      rubyntlm (~> 0.6.0, >= 0.6.1)
    winrm-elevated (1.1.0)
      winrm (~> 2.0)
      winrm-fs (~> 1.0)
    winrm-fs (1.2.0)
      erubis (~> 2.7)
      logging (>= 1.6.1, < 3.0)
      rubyzip (~> 1.1)
      winrm (~> 2.0)
    wmi-lite (1.0.0)
    zonefile (1.06)

PLATFORMS
  ruby

DEPENDENCIES
  berkshelf (~> 6.3.1)
  chef-dk (~> 2.4)
  chefspec (~> 7.1.0)
  foodcritic (~> 12.2.0)
  kitchen-inspec (~> 0.23.1)
  kitchen-vagrant (~> 1.3.2)
  rubocop (~> 0.54.0)
  serverspec (~> 2.41.3)
  stove (~> 6.0.0)
  test-kitchen (~> 1.21.2)

BUNDLED WITH
   1.16.1
